GIT
  remote: git://github.com/amitree/pivotal-tracker.git
  revision: a9d8e6dbdd0815f455d5b825945f1dc74a0f6e1c
  specs:
    pivotal-tracker (0.5.12)
      builder
      builder
      crack
      happymapper (>= 0.3.2)
      nokogiri (>= 1.4.3)
      nokogiri (>= 1.5.5)
      nokogiri-happymapper (>= 0.5.4)
      rest-client (>= 1.6.0)
      rest-client (~> 1.6.0)

GEM
  remote: https://rubygems.org/
  specs:
    addressable (2.3.6)
    builder (3.2.2)
    crack (0.4.2)
      safe_yaml (~> 1.0.0)
    excon (0.39.5)
    faraday (0.9.0)
      multipart-post (>= 1.2, < 3)
    haml (4.0.5)
      tilt
    happymapper (0.4.1)
      libxml-ruby (~> 2.0)
    heroku-api (0.3.17)
      excon (~> 0.27)
      multi_json (~> 1.8.2)
    heroku_deployer (0.6.3)
      heroku-api (= 0.3.17)
      octokit (= 2.7.1)
      rendezvous (= 0.0.2)
    json (1.8.1)
    libxml-ruby (2.7.0)
    mail (2.5.4)
      mime-types (~> 1.16)
      treetop (~> 1.4.8)
    mime-types (1.25.1)
    mini_portile (0.6.0)
    multi_json (1.8.4)
    multipart-post (2.0.0)
    nokogiri (1.6.3.1)
      mini_portile (= 0.6.0)
    nokogiri-happymapper (0.5.9)
      nokogiri (~> 1.5)
    octokit (2.7.1)
      sawyer (~> 0.5.2)
    polyglot (0.3.4)
    rdoc (4.1.1)
      json (~> 1.4)
    rendezvous (0.0.2)
    rest-client (1.6.8)
      mime-types (~> 1.16)
      rdoc (>= 2.4.2)
    safe_yaml (1.0.3)
    sawyer (0.5.5)
      addressable (~> 2.3.5)
      faraday (~> 0.8, < 0.10)
    tilt (2.0.1)
    treetop (1.4.15)
      polyglot
      polyglot (>= 0.3.1)
    xray (1.1)

PLATFORMS
  ruby

DEPENDENCIES
  haml (= 4.0.5)
  heroku_deployer (= 0.6.3)
  mail (= 2.5.4)
  pivotal-tracker!
  xray
